NUGET
  remote: https://www.nuget.org/api/v2
  specs:
    FAKE (4.27)
    FSharp.Compiler.Service (3.0)
    FSharp.Core (4.0.0.1)
    Fuchu (1.0.3)
      FSharp.Core (>= 3.1.2.1)
    Unquote (3.1.1)
